GEM
  remote: https://rubygems.org/
  specs:
    diff-lcs (1.2.5)
    kramdown (1.9.0)
    mdl (0.2.1)
      kramdown (~> 1.5, >= 1.5.0)
      mixlib-cli (~> 1.5, >= 1.5.0)
      mixlib-config (~> 2.1, >= 2.1.0)
    mixlib-cli (1.5.0)
    mixlib-config (2.2.1)
    posix-spawn (0.3.11)
    rake (10.5.0)
    rspec (3.4.0)
      rspec-core (~> 3.4.0)
      rspec-expectations (~> 3.4.0)
      rspec-mocks (~> 3.4.0)
    rspec-core (3.4.1)
      rspec-support (~> 3.4.0)
    rspec-expectations (3.4.0)
      diff-lcs (>= 1.2.0, < 2.0)
      rspec-support (~> 3.4.0)
    rspec-mocks (3.4.1)
      diff-lcs (>= 1.2.0, < 2.0)
      rspec-support (~> 3.4.0)
    rspec-support (3.4.1)

PLATFORMS
  ruby

DEPENDENCIES
  mdl (~> 0.2)
  posix-spawn
  rake
  rspec

BUNDLED WITH
   1.10.6
